GIT
  remote: https://github.com/GSA/resque-priority.git
  revision: bc5dca990d6370ad7eaa01d0b986c90f541a4d18
  specs:
    resque-priority (0.1)

GIT
  remote: https://github.com/GSA/robots_tag_parser
  revision: 0ebf89ead01fd8e5056a9c77139052f41af970bc
  specs:
    robots_tag_parser (0.1.0)

GIT
  remote: https://github.com/GSA/sitelink_generator
  revision: 2f78cd142547a2a87e500266f1ef4eb5e281cc6b
  ref: 2f78cd142547a2a87e500266f1ef4eb5e281cc6b
  specs:
    sitelink_generator (0.4.0)
      activesupport (>= 3.2)
      i18n (~> 0.6)

GIT
  remote: https://github.com/MothOnMars/medusa
  revision: 75aff7503a1479dd6b3ed0f7775d41ebd1dcff02
  branch: clean_urls
  specs:
    medusa (0.0.2)
      nokogiri (>= 1.3.0)
      robotex (>= 1.0.0)

GIT
  remote: https://github.com/MothOnMars/rash_alt
  revision: bbd107061fbb066709523c68de4a217a76a8a945
  ref: bbd107061fbb066709523c68de4a217a76a8a945
  specs:
    rash_alt (0.4.3)
      hashie (>= 2.0.0, < 4.0)

GIT
  remote: https://github.com/MothOnMars/robotex
  revision: e51e6085d21ba532aaa3d54e979c92090c842af4
  specs:
    robotex (1.0.0)

GIT
  remote: https://github.com/MothOnMars/sitemaps
  revision: 786884b4edc63db33b76882c4e211b0bc024a548
  branch: discovery_fixes
  specs:
    sitemaps_parser (0.2.2)
      activesupport (~> 4)

GIT
  remote: https://github.com/gsa/font-awesome-grunticon-rails
  revision: 8ad9734a65f7e2d2de934bebe4ee7b460734f96e
  ref: 8ad9734a65f7e2d2de934bebe4ee7b460734f96e
  specs:
    font-awesome-grunticon-rails (0.2.0)
      railties (>= 3.2)

GIT
  remote: https://github.com/jeremydurham/us-state-select-plugin.git
  revision: aa69cc1f23eea7cadd5acdcda74a0333d41852c1
  specs:
    us_states_select (1.2.0)
      rails (>= 1.2)

GEM
  remote: https://rubygems.org/
  specs:
    actionmailer (4.2.10)
      actionpack (= 4.2.10)
      actionview (= 4.2.10)
      activejob (= 4.2.10)
      mail (~> 2.5, >= 2.5.4)
      rails-dom-testing (~> 1.0, >= 1.0.5)
    actionpack (4.2.10)
      actionview (= 4.2.10)
      activesupport (= 4.2.10)
      rack (~> 1.6)
      rack-test (~> 0.6.2)
      rails-dom-testing (~> 1.0, >= 1.0.5)
      rails-html-sanitizer (~> 1.0, >= 1.0.2)
    actionview (4.2.10)
      activesupport (= 4.2.10)
      builder (~> 3.1)
      erubis (~> 2.7.0)
      rails-dom-testing (~> 1.0, >= 1.0.5)
      rails-html-sanitizer (~> 1.0, >= 1.0.3)
    active_scaffold (3.4.43)
      rails (>= 3.2.22.2, < 5)
    active_scaffold_export (3.3.2)
      active_scaffold (>= 3.3.0.rc)
    activejob (4.2.10)
      activesupport (= 4.2.10)
      globalid (>= 0.3.0)
    activemodel (4.2.10)
      activesupport (= 4.2.10)
      builder (~> 3.1)
    activerecord (4.2.10)
      activemodel (= 4.2.10)
      activesupport (= 4.2.10)
      arel (~> 6.0)
    activerecord-validate_unique_child_attribute (0.1.0)
      activemodel (>= 3.2.0, < 5.2.0)
      activerecord (>= 3.2.0, < 5.2.0)
      activesupport (>= 3.2.0, < 5.2.0)
    activesupport (4.2.10)
      i18n (~> 0.7)
      minitest (~> 5.1)
      thread_safe (~> 0.3, >= 0.3.4)
      tzinfo (~> 1.1)
    addressable (2.5.2)
      public_suffix (>= 2.0.2, < 4.0)
    airbrake (7.1.1)
      airbrake-ruby (~> 2.5)
    airbrake-ruby (2.8.1)
    american_date (1.1.1)
    arel (6.0.4)
    ast (2.4.0)
    authlogic (3.6.1)
      activerecord (>= 3.2, < 5.2)
      activesupport (>= 3.2, < 5.2)
      request_store (~> 1.0)
      scrypt (>= 1.2, < 4.0)
    awesome_print (1.8.0)
    aws-sdk (2.10.125)
      aws-sdk-resources (= 2.10.125)
    aws-sdk-core (2.10.125)
      aws-sigv4 (~> 1.0)
      jmespath (~> 1.0)
    aws-sdk-resources (2.10.125)
      aws-sdk-core (= 2.10.125)
    aws-sigv4 (1.0.2)
    axiom-types (0.1.1)
      descendants_tracker (~> 0.0.4)
      ice_nine (~> 0.11.0)
      thread_safe (~> 0.3, >= 0.3.1)
    backports (3.11.1)
    bcrypt (3.1.11)
    bcrypt-ruby (3.1.5)
      bcrypt (>= 3.1.3)
    binding_of_caller (0.8.0)
      debug_inspector (>= 0.0.1)
    buftok (0.2.0)
    builder (3.2.3)
    byebug (9.1.0)
    capybara (2.17.0)
      addressable
      mini_mime (>= 0.1.3)
      nokogiri (>= 1.3.3)
      rack (>= 1.0.0)
      rack-test (>= 0.5.4)
      xpath (>= 2.0, < 4.0)
    chunky_png (1.3.10)
    cld2 (1.0.3)
      ffi (~> 1.9.3)
    climate_control (0.2.0)
    cliver (0.3.2)
    cocaine (0.5.8)
      climate_control (>= 0.0.3, < 1.0)
    coderay (1.1.2)
    coercible (1.0.0)
      descendants_tracker (~> 0.0.1)
    coffee-rails (4.2.2)
      coffee-script (>= 2.2.0)
      railties (>= 4.0.0)
    coffee-script (2.4.1)
      coffee-script-source
      execjs
    coffee-script-source (1.12.2)
    colorize (0.8.1)
    commonjs (0.2.7)
    compass (1.0.3)
      chunky_png (~> 1.2)
      compass-core (~> 1.0.2)
      compass-import-once (~> 1.0.5)
      rb-fsevent (>= 0.9.3)
      rb-inotify (>= 0.9)
      sass (>= 3.3.13, < 3.5)
    compass-blueprint (1.0.0)
      compass
    compass-core (1.0.3)
      multi_json (~> 1.0)
      sass (>= 3.3.0, < 3.5)
    compass-import-once (1.0.5)
      sass (>= 3.2, < 3.5)
    compass-rails (2.0.5)
      compass (~> 1.0.0)
      sass-rails (< 5.1)
      sprockets (< 2.13)
    concurrent-ruby (1.0.5)
    cookiejar (0.3.3)
    crack (0.4.3)
      safe_yaml (~> 1.0.0)
    crass (1.0.3)
    cucumber (3.1.0)
      builder (>= 2.1.2)
      cucumber-core (~> 3.1.0)
      cucumber-expressions (~> 5.0.4)
      cucumber-wire (~> 0.0.1)
      diff-lcs (~> 1.3)
      gherkin (~> 5.0)
      multi_json (>= 1.7.5, < 2.0)
      multi_test (>= 0.1.2)
    cucumber-core (3.1.0)
      backports (>= 3.8.0)
      cucumber-tag_expressions (~> 1.1.0)
      gherkin (>= 5.0.0)
    cucumber-expressions (5.0.13)
    cucumber-rails (1.5.0)
      capybara (>= 1.1.2, < 3)
      cucumber (>= 1.3.8, < 4)
      mime-types (>= 1.17, < 4)
      nokogiri (~> 1.5)
      railties (>= 4, < 5.2)
    cucumber-tag_expressions (1.1.1)
    cucumber-wire (0.0.1)
    curb (0.9.4)
    daemons (1.2.6)
    database_cleaner (1.6.2)
    debug_inspector (0.0.3)
    declarative (0.0.10)
    declarative-option (0.1.0)
    descendants_tracker (0.0.4)
      thread_safe (~> 0.3, >= 0.3.1)
    diff-lcs (1.3)
    docile (1.1.5)
    dogstatsd-ruby (3.2.0)
    domain_name (0.5.20170404)
      unf (>= 0.0.5, < 1.0.0)
    easy_translate (0.5.1)
      thread
      thread_safe
    elasticsearch (6.0.1)
      elasticsearch-api (= 6.0.1)
      elasticsearch-transport (= 6.0.1)
    elasticsearch-api (6.0.1)
      multi_json
    elasticsearch-transport (6.0.1)
      faraday
      multi_json
    elasticsearch-watcher (0.0.2)
      elasticsearch-api
    em-http-request (1.1.5)
      addressable (>= 2.3.4)
      cookiejar (!= 0.3.1)
      em-socksify (>= 0.3)
      eventmachine (>= 1.0.3)
      http_parser.rb (>= 0.6.0)
    em-socksify (0.3.2)
      eventmachine (>= 1.0.0.beta.4)
    em-twitter (0.3.5)
      buftok (~> 0.2)
      eventmachine (~> 1.0)
      http_parser.rb (~> 0.6)
      simple_oauth (~> 0.2)
    email_spec (2.1.1)
      htmlentities (~> 4.3.3)
      launchy (~> 2.1)
      mail (~> 2.6)
    equalizer (0.0.10)
    erubi (1.7.0)
    erubis (2.7.0)
    ethon (0.11.0)
      ffi (>= 1.3.0)
    eventmachine (1.2.5)
    excon (0.60.0)
    execjs (2.7.0)
    faker (1.8.7)
      i18n (>= 0.7)
    faraday (0.9.2)
      multipart-post (>= 1.2, < 3)
    faraday_middleware (0.12.2)
      faraday (>= 0.7.4, < 1.0)
    federal_register (0.6.3)
      httparty (>= 0.7.0)
    ffi (1.9.18)
    ffi-compiler (1.0.1)
      ffi (>= 1.0.0)
      rake
    flickraw (0.9.9)
    font-awesome-rails (4.7.0.3)
      railties (>= 3.2, < 5.2)
    geoip (1.6.3)
    gherkin (5.0.0)
    github-markdown (0.6.9)
    globalid (0.4.1)
      activesupport (>= 4.2.0)
    google-api-client (0.19.5)
      addressable (~> 2.5, >= 2.5.1)
      googleauth (>= 0.5, < 0.7.0)
      httpclient (>= 2.8.1, < 3.0)
      mime-types (~> 3.0)
      representable (~> 3.0)
      retriable (>= 2.0, < 4.0)
    google_visualr (2.5.1)
    googleauth (0.5.1)
      faraday (~> 0.9)
      jwt (~> 1.4)
      logging (~> 2.0)
      memoist (~> 0.12)
      multi_json (~> 1.11)
      os (~> 0.9)
      signet (~> 0.7)
    googlecharts (1.6.12)
    grape (1.0.2)
      activesupport
      builder
      mustermann-grape (~> 1.0.0)
      rack (>= 1.3.0)
      rack-accept
      virtus (>= 1.0.0)
    grape-entity (0.6.0)
      activesupport
      multi_json (>= 1.3.2)
    haml (5.0.4)
      temple (>= 0.8.0)
      tilt
    hashdiff (0.3.7)
    hashie (3.3.2)
    highline (1.7.10)
    hike (1.2.3)
    html_truncator (0.4.2)
      nokogiri (~> 1.5)
    htmlentities (4.3.4)
    http (1.0.4)
      addressable (~> 2.3)
      http-cookie (~> 1.0)
      http-form_data (~> 1.0.1)
      http_parser.rb (~> 0.6.0)
    http-cookie (1.0.3)
      domain_name (~> 0.5)
    http-form_data (1.0.3)
    http_parser.rb (0.6.0)
    httparty (0.15.6)
      multi_xml (>= 0.5.2)
    httpclient (2.8.3)
    i18n (0.9.3)
      concurrent-ruby (~> 1.0)
    i18n-tasks (0.9.20)
      activesupport (>= 4.0.2)
      ast (>= 2.1.0)
      easy_translate (>= 0.5.1)
      erubi
      highline (>= 1.7.3)
      i18n
      parser (>= 2.2.3.0)
      rainbow (~> 2.2)
      terminal-table (>= 1.5.1)
    ice_nine (0.11.2)
    iso8601 (0.10.1)
    jbuilder (2.6.4)
      activesupport (>= 3.0.0)
      multi_json (>= 1.2)
    jmespath (1.3.1)
    jquery-rails (3.1.4)
      railties (>= 3.0, < 5.0)
      thor (>= 0.14, < 2.0)
    jquery-ui-rails (6.0.1)
      railties (>= 3.2.16)
    json (1.8.6)
    jwt (1.5.6)
    launchy (2.4.3)
      addressable (~> 2.3)
    less (2.6.0)
      commonjs (~> 0.2.7)
    less-rails (2.8.0)
      actionpack (>= 4.0)
      less (~> 2.6.0)
      sprockets (> 2, < 4)
      tilt
    less-rails-bootstrap (3.3.5.0)
      less-rails (>= 2.6, <= 2.8)
    libv8 (3.16.14.19)
    little-plugger (1.1.4)
    logging (2.2.2)
      little-plugger (~> 1.1)
      multi_json (~> 1.10)
    lograge (0.7.1)
      actionpack (>= 4, < 5.2)
      activesupport (>= 4, < 5.2)
      railties (>= 4, < 5.2)
      request_store (~> 1.0)
    loofah (2.2.0)
      crass (~> 1.0.2)
      nokogiri (>= 1.5.9)
    mail (2.7.0)
      mini_mime (>= 0.1.1)
    mandrill-api (1.0.53)
      excon (>= 0.16.0, < 1.0)
      json (>= 1.7.7, < 2.0)
    memoist (0.16.0)
    memoizable (0.4.2)
      thread_safe (~> 0.3, >= 0.3.1)
    method_source (0.9.0)
    mime-types (3.1)
      mime-types-data (~> 3.2015)
    mime-types-data (3.2016.0521)
    mimemagic (0.3.2)
    mini_mime (1.0.0)
    mini_portile2 (2.3.0)
    minitest (5.11.3)
    mobile-fu (1.4.0)
      rack-mobile-detect
      rails
    mono_logger (1.1.0)
    mry (0.52.0.0)
      rubocop (>= 0.41.0)
    multi_json (1.13.1)
    multi_test (0.1.2)
    multi_xml (0.6.0)
    multipart-post (2.0.0)
    mustermann (1.0.1)
    mustermann-grape (1.0.0)
      mustermann (~> 1.0.0)
    mysql2 (0.3.21)
    naught (1.1.0)
    net-http-persistent (2.9.4)
    newrelic_rpm (4.7.1.340)
    nokogiri (1.8.2)
      mini_portile2 (~> 2.3.0)
    nokogumbo (1.4.13)
      nokogiri
    oj (3.3.10)
    os (0.9.6)
    paperclip (5.2.1)
      activemodel (>= 4.2.0)
      activesupport (>= 4.2.0)
      cocaine (~> 0.5.5)
      mime-types
      mimemagic (~> 0.3.0)
    parallel (1.12.1)
    parser (2.4.0.2)
      ast (~> 2.3)
    poltergeist (1.17.0)
      capybara (~> 2.1)
      cliver (~> 0.3.1)
      websocket-driver (>= 0.2.0)
    power_assert (1.1.1)
    powerpack (0.1.1)
    protected_attributes (1.1.4)
      activemodel (>= 4.0.1, < 5.0)
    pry (0.11.3)
      coderay (~> 1.1.0)
      method_source (~> 0.9.0)
    pry-byebug (3.5.1)
      byebug (~> 9.1)
      pry (~> 0.10)
    pry-rails (0.3.6)
      pry (>= 0.10.4)
    public_suffix (3.0.1)
    rack (1.6.8)
    rack-accept (0.4.5)
      rack (>= 0.4)
    rack-contrib (1.8.0)
      rack (~> 1.4)
    rack-cors (1.0.2)
    rack-mobile-detect (0.4.0)
      rack
    rack-protection (1.5.3)
      rack
    rack-test (0.6.3)
      rack (>= 1.0)
    rails (4.2.10)
      actionmailer (= 4.2.10)
      actionpack (= 4.2.10)
      actionview (= 4.2.10)
      activejob (= 4.2.10)
      activemodel (= 4.2.10)
      activerecord (= 4.2.10)
      activesupport (= 4.2.10)
      bundler (>= 1.3.0, < 2.0)
      railties (= 4.2.10)
      sprockets-rails
    rails-deprecated_sanitizer (1.0.3)
      activesupport (>= 4.2.0.alpha)
    rails-dom-testing (1.0.9)
      activesupport (>= 4.2.0, < 5.0)
      nokogiri (~> 1.6)
      rails-deprecated_sanitizer (>= 1.0.1)
    rails-html-sanitizer (1.0.3)
      loofah (~> 2.0)
    rails-observers (0.1.5)
      activemodel (>= 4.0)
    railties (4.2.10)
      actionpack (= 4.2.10)
      activesupport (= 4.2.10)
      rake (>= 0.8.7)
      thor (>= 0.18.1, < 2.0)
    rainbow (2.2.2)
      rake
    rake (10.5.0)
    rb-fsevent (0.10.2)
    rb-inotify (0.9.10)
      ffi (>= 0.5.0, < 2)
    recaptcha (4.6.4)
      json
    redis (4.0.1)
    redis-actionpack (5.0.2)
      actionpack (>= 4.0, < 6)
      redis-rack (>= 1, < 3)
      redis-store (>= 1.1.0, < 2)
    redis-activesupport (5.0.4)
      activesupport (>= 3, < 6)
      redis-store (>= 1.3, < 2)
    redis-namespace (1.6.0)
      redis (>= 3.0.4)
    redis-rack (2.0.4)
      rack (>= 1.5, < 3)
      redis-store (>= 1.2, < 2)
    redis-rails (5.0.2)
      redis-actionpack (>= 5.0, < 6)
      redis-activesupport (>= 5.0, < 6)
      redis-store (>= 1.2, < 2)
    redis-store (1.4.1)
      redis (>= 2.2, < 5)
    ref (2.0.0)
    representable (3.0.4)
      declarative (< 0.1.0)
      declarative-option (< 0.2.0)
      uber (< 0.2.0)
    request_store (1.4.0)
      rack (>= 1.4)
    responders (2.4.0)
      actionpack (>= 4.2.0, < 5.3)
      railties (>= 4.2.0, < 5.3)
    resque (1.27.4)
      mono_logger (~> 1.0)
      multi_json (~> 1.0)
      redis-namespace (~> 1.3)
      sinatra (>= 0.9.2)
      vegas (~> 0.1.2)
    resque-lock-timeout (0.4.5)
      resque (~> 1.22)
    resque-timeout (1.0.0)
      resque (~> 1.0)
    resque_spec (0.17.0)
      resque (>= 1.19.0)
      rspec-core (>= 3.0.0)
      rspec-expectations (>= 3.0.0)
      rspec-mocks (>= 3.0.0)
    retriable (3.1.1)
    retry_block (1.2.0)
    rspec-activemodel-mocks (1.0.3)
      activemodel (>= 3.0)
      activesupport (>= 3.0)
      rspec-mocks (>= 2.99, < 4.0)
    rspec-core (3.7.1)
      rspec-support (~> 3.7.0)
    rspec-expectations (3.7.0)
      diff-lcs (>= 1.2.0, < 2.0)
      rspec-support (~> 3.7.0)
    rspec-its (1.2.0)
      rspec-core (>= 3.0.0)
      rspec-expectations (>= 3.0.0)
    rspec-json_expectations (2.1.0)
    rspec-mocks (3.7.0)
      diff-lcs (>= 1.2.0, < 2.0)
      rspec-support (~> 3.7.0)
    rspec-rails (3.7.2)
      actionpack (>= 3.0)
      activesupport (>= 3.0)
      railties (>= 3.0)
      rspec-core (~> 3.7.0)
      rspec-expectations (~> 3.7.0)
      rspec-mocks (~> 3.7.0)
      rspec-support (~> 3.7.0)
    rspec-support (3.7.1)
    rspec_junit_formatter (0.3.0)
      rspec-core (>= 2, < 4, != 2.12.0)
    rubocop (0.52.1)
      parallel (~> 1.10)
      parser (>= 2.4.0.2, < 3.0)
      powerpack (~> 0.1)
      rainbow (>= 2.2.2, < 4.0)
      ruby-progressbar (~> 1.7)
      unicode-display_width (~> 1.0, >= 1.0.1)
    ruby-progressbar (1.9.0)
    safe_yaml (1.0.4)
    sanitize (4.5.0)
      crass (~> 1.0.2)
      nokogiri (>= 1.4.4)
      nokogumbo (~> 1.4.1)
    sass (3.3.14)
    sass-rails (5.0.7)
      railties (>= 4.0.0, < 6)
      sass (~> 3.1)
      sprockets (>= 2.8, < 4.0)
      sprockets-rails (>= 2.0, < 4.0)
      tilt (>= 1.1, < 3)
    scrypt (3.0.5)
      ffi-compiler (>= 1.0, < 2.0)
    select2-rails (4.0.3)
      thor (~> 0.14)
    shoulda-kept-assign-to (1.1.0)
      shoulda-matchers (>= 2.1.0)
    shoulda-matchers (3.1.2)
      activesupport (>= 4.0.0)
    signet (0.8.1)
      addressable (~> 2.3)
      faraday (~> 0.9)
      jwt (>= 1.5, < 3.0)
      multi_json (~> 1.10)
    simple_oauth (0.3.1)
    simplecov (0.15.1)
      docile (~> 1.1.0)
      json (>= 1.8, < 3)
      simplecov-html (~> 0.10.0)
    simplecov-html (0.10.2)
    sinatra (1.4.8)
      rack (~> 1.5)
      rack-protection (~> 1.4)
      tilt (>= 1.3, < 3)
    spring (2.0.2)
      activesupport (>= 4.2)
    sprockets (2.12.4)
      hike (~> 1.2)
      multi_json (~> 1.0)
      rack (~> 1.0)
      tilt (~> 1.1, != 1.3.0)
    sprockets-rails (2.3.3)
      actionpack (>= 3.0)
      activesupport (>= 3.0)
      sprockets (>= 2.8, < 4.0)
    temple (0.8.0)
    terminal-table (1.8.0)
      unicode-display_width (~> 1.1, >= 1.1.1)
    test-unit (3.2.7)
      power_assert
    test_after_commit (1.1.0)
      activerecord (>= 3.2)
    therubyracer (0.12.3)
      libv8 (~> 3.16.14.15)
      ref
    thin (1.7.2)
      daemons (~> 1.0, >= 1.0.9)
      eventmachine (~> 1.0, >= 1.0.4)
      rack (>= 1, < 3)
    thor (0.20.0)
    thread (0.2.2)
    thread_safe (0.3.6)
    tilt (1.4.1)
    timecop (0.9.1)
    truncator (0.1.7)
      activesupport
    turbolinks (5.0.1)
      turbolinks-source (~> 5)
    turbolinks-source (5.1.0)
    tweetstream (2.6.1)
      daemons (~> 1.1)
      em-http-request (>= 1.1.1)
      em-twitter (~> 0.3)
      multi_json (~> 1.3)
      twitter (~> 5.5)
    twitter (5.17.0)
      addressable (~> 2.3)
      buftok (~> 0.2.0)
      equalizer (= 0.0.10)
      faraday (~> 0.9.0)
      http (~> 1.0)
      http_parser.rb (~> 0.6.0)
      json (~> 1.8)
      memoizable (~> 0.4.0)
      naught (~> 1.0)
      simple_oauth (~> 0.3.0)
    twitter-typeahead-rails (0.11.1)
      actionpack (>= 3.1)
      jquery-rails
      railties (>= 3.1)
    typhoeus (1.3.0)
      ethon (>= 0.9.0)
    tzinfo (1.2.4)
      thread_safe (~> 0.1)
    uber (0.1.0)
    uglifier (4.1.5)
      execjs (>= 0.3.0, < 3)
    unf (0.1.4)
      unf_ext
    unf_ext (0.0.7.4)
    unicode-display_width (1.3.0)
    us_states (0.1.1)
    validate_url (0.2.0)
      activemodel (>= 3.0.0)
    vcr (4.0.0)
    vegas (0.1.11)
      rack (>= 1.0.0)
    virtus (1.0.5)
      axiom-types (~> 0.1)
      coercible (~> 1.0)
      descendants_tracker (~> 0.0, >= 0.0.3)
      equalizer (~> 0.0, >= 0.0.9)
    web-console (2.3.0)
      activemodel (>= 4.0)
      binding_of_caller (>= 0.7.2)
      railties (>= 4.0)
      sprockets-rails (>= 2.0, < 4.0)
    webmock (3.1.1)
      addressable (>= 2.3.6)
      crack (>= 0.3.2)
      hashdiff
    webrat (0.7.3)
      nokogiri (>= 1.2.0)
      rack (>= 1.0)
      rack-test (>= 0.5.3)
    websocket-driver (0.7.0)
      websocket-extensions (>= 0.1.0)
    websocket-extensions (0.1.3)
    will_paginate (3.1.6)
    will_paginate-bootstrap (1.0.1)
      will_paginate (>= 3.0.3)
    xpath (3.0.0)
      nokogiri (~> 1.8)
    yajl-ruby (1.3.1)
    yui-compressor (0.12.0)

PLATFORMS
  ruby

DEPENDENCIES
  active_scaffold (~> 3.4.43)
  active_scaffold_export (~> 3.3.2)
  activerecord-validate_unique_child_attribute (~> 0.1.0)
  addressable (~> 2.5.2)
  airbrake (~> 7.1.1)
  american_date (~> 1.1.1)
  authlogic (~> 3.6.1)
  awesome_print
  aws-sdk (< 3.0)
  bcrypt-ruby (~> 3.1.5)
  capybara (~> 2.17.0)
  cld2 (~> 1.0.3)
  cocaine (~> 0.5.8)
  coffee-rails (~> 4.2.2)
  colorize (~> 0.8.1)
  compass-blueprint (~> 1.0.0)
  compass-rails (~> 2.0.5)
  cucumber-rails (~> 1.5.0)
  curb (~> 0.9.4)
  database_cleaner (~> 1.6.2)
  dogstatsd-ruby (~> 3.2.0)
  elasticsearch (~> 6.0.0)
  elasticsearch-watcher (~> 0.0.1)
  em-http-request (~> 1.1.5)
  email_spec (~> 2.1.1)
  faker (~> 1.8)
  faraday_middleware (~> 0.12.2)
  federal_register (~> 0.6.3)
  flickraw (~> 0.9.9)
  font-awesome-grunticon-rails!
  font-awesome-rails (~> 4.7.0)
  geoip (~> 1.6.3)
  github-markdown (~> 0.6.9)
  google-api-client (~> 0.19.1)
  google_visualr (~> 2.5.1)
  googlecharts (~> 1.6.12)
  grape (~> 1.0.1)
  grape-entity (~> 0.6.0)
  haml (~> 5.0.4)
  hashie (~> 3.3.0)
  html_truncator (~> 0.4.2)
  htmlentities (~> 4.3.4)
  http (~> 1.0)
  i18n-tasks (~> 0.9.19)
  iso8601 (~> 0.10.1)
  jbuilder (~> 2.6.4)
  jquery-rails (~> 3.1.4)
  jquery-ui-rails (~> 6.0.1)
  json (~> 1.8.6)
  jwt (~> 1.5.6)
  launchy (~> 2.4.3)
  less-rails-bootstrap (~> 3.3.5)
  lograge (~> 0.7.1)
  loofah (~> 2.2)
  mandrill-api (~> 1.0.53)
  medusa!
  mobile-fu (~> 1.4.0)
  mry (~> 0.52.0)
  mysql2 (~> 0.3.0)
  net-http-persistent (~> 2.9.3)
  newrelic_rpm (~> 4.7.1)
  nokogiri (~> 1.8.1)
  oj (~> 3.3.10)
  paperclip (~> 5.2.0)
  poltergeist (~> 1.17.0)
  protected_attributes (~> 1.1.4)
  pry-byebug (~> 3.5)
  pry-rails (~> 0.3.6)
  rack-contrib (~> 1.8.0)
  rack-cors (~> 1.0.2)
  rails (= 4.2.10)
  rails-observers (~> 0.1.5)
  rake (~> 10.0)
  rash_alt!
  recaptcha (~> 4.6.3)
  redis (~> 4.0.1)
  redis-namespace (~> 1.6.0)
  redis-rails (~> 5.0.2)
  responders (~> 2.0)
  resque (~> 1.27.4)
  resque-lock-timeout (~> 0.4.5)
  resque-priority!
  resque-timeout (~> 1.0.0)
  resque_spec (~> 0.17.0)
  retry_block (~> 1.2.0)
  robotex!
  robots_tag_parser (~> 0.1.0)!
  rspec-activemodel-mocks (~> 1.0.3)
  rspec-its (~> 1.2.0)
  rspec-json_expectations (~> 2.1.0)
  rspec-rails (~> 3.7.2)
  rspec_junit_formatter (~> 0.3.0)
  rubocop (= 0.52.1)
  sanitize (~> 4.5.0)
  sass (~> 3.3.0)
  sass-rails (~> 5.0.7)
  select2-rails (~> 4.0.3)
  shoulda-kept-assign-to (~> 1.1.0)
  shoulda-matchers (~> 3.1.2)
  simplecov (~> 0.15.1)
  sitelink_generator!
  sitemaps_parser!
  spring (~> 2.0)
  test-unit (~> 3.2.7)
  test_after_commit (~> 1.1.0)
  therubyracer (~> 0.12.3)
  thin (~> 1.7)
  timecop (~> 0.9.1)
  truncator (~> 0.1.7)
  turbolinks (~> 5.0.1)
  tweetstream (~> 2.6.1)
  twitter (~> 5.5)
  twitter-typeahead-rails (~> 0.11.1)
  typhoeus (~> 1.3.0)
  uglifier (~> 4.1.2)
  us_states (~> 0.1.1)
  us_states_select (~> 1.2.0)!
  validate_url (= 0.2.0)
  vcr (~> 4.0)
  virtus (~> 1.0.5)
  web-console (~> 2.0)
  webmock (~> 3.1.1)
  webrat (~> 0.7.3)
  will_paginate (~> 3.1.6)
  will_paginate-bootstrap (~> 1.0.1)
  yajl-ruby (~> 1.3.1)
  yui-compressor (~> 0.12.0)

BUNDLED WITH
   1.16.1
