GIT
  remote: https://github.com/18f/omniauth_login_dot_gov.git
  revision: 08ce9b5322efb2d82b2df3f6d774308c4028ee6c
  branch: master
  specs:
    omniauth_login_dot_gov (0.0.1)
      faraday
      json-jwt
      jwt
      multi_json
      omniauth

GIT
  remote: https://github.com/GSA/less-rails-bootstrap.git
  revision: 0e6a339cfbf646342cf50608934af2214b196cb5
  branch: master
  specs:
    less-rails-bootstrap (3.3.5.0)
      less-rails (>= 3.0)

GIT
  remote: https://github.com/GSA/resque-priority.git
  revision: bc5dca990d6370ad7eaa01d0b986c90f541a4d18
  specs:
    resque-priority (0.1)

GIT
  remote: https://github.com/GSA/robots_tag_parser
  revision: 0ebf89ead01fd8e5056a9c77139052f41af970bc
  specs:
    robots_tag_parser (0.1.0)

GIT
  remote: https://github.com/GSA/sitelink_generator
  revision: 2f78cd142547a2a87e500266f1ef4eb5e281cc6b
  ref: 2f78cd142547a2a87e500266f1ef4eb5e281cc6b
  specs:
    sitelink_generator (0.4.0)
      activesupport (>= 3.2)
      i18n (~> 0.6)

GIT
  remote: https://github.com/MothOnMars/medusa
  revision: 75aff7503a1479dd6b3ed0f7775d41ebd1dcff02
  branch: clean_urls
  specs:
    medusa (0.0.2)
      nokogiri (>= 1.3.0)
      robotex (>= 1.0.0)

GIT
  remote: https://github.com/MothOnMars/rash_alt
  revision: bbd107061fbb066709523c68de4a217a76a8a945
  ref: bbd107061fbb066709523c68de4a217a76a8a945
  specs:
    rash_alt (0.4.3)
      hashie (>= 2.0.0, < 4.0)

GIT
  remote: https://github.com/MothOnMars/robotex
  revision: d1a2bd515882385734d119a78261d015008467c6
  specs:
    robotex (1.0.0)
      open_uri_redirections (~> 0.2.1)

GIT
  remote: https://github.com/gsa/font-awesome-grunticon-rails
  revision: 8ad9734a65f7e2d2de934bebe4ee7b460734f96e
  ref: 8ad9734a65f7e2d2de934bebe4ee7b460734f96e
  specs:
    font-awesome-grunticon-rails (0.2.0)
      railties (>= 3.2)

GIT
  remote: https://github.com/jeremydurham/us-state-select-plugin.git
  revision: aa69cc1f23eea7cadd5acdcda74a0333d41852c1
  specs:
    us_states_select (1.2.0)
      rails (>= 1.2)

GIT
  remote: https://github.com/naaano/active_scaffold_export
  revision: 879ceb549b871ebb597ae5339a2e67498beb70d1
  specs:
    active_scaffold_export (3.3.2)
      active_scaffold (>= 3.3.0.rc)

GIT
  remote: https://github.com/winston/google_visualr
  revision: 17b97114a345baadd011e7b442b9a6c91a2b7ab5
  ref: 17b97114a345baadd011e7b442b9a6c91a2b7ab5
  specs:
    google_visualr (2.5.1)

GEM
  remote: https://rubygems.org/
  specs:
    aasm (4.12.3)
      concurrent-ruby (~> 1.0)
    actioncable (5.2.4.3)
      actionpack (= 5.2.4.3)
      nio4r (~> 2.0)
      websocket-driver (>= 0.6.1)
    actionmailer (5.2.4.3)
      actionpack (= 5.2.4.3)
      actionview (= 5.2.4.3)
      activejob (= 5.2.4.3)
      mail (~> 2.5, >= 2.5.4)
      rails-dom-testing (~> 2.0)
    actionpack (5.2.4.3)
      actionview (= 5.2.4.3)
      activesupport (= 5.2.4.3)
      rack (~> 2.0, >= 2.0.8)
      rack-test (>= 0.6.3)
      rails-dom-testing (~> 2.0)
      rails-html-sanitizer (~> 1.0, >= 1.0.2)
    actionview (5.2.4.3)
      activesupport (= 5.2.4.3)
      builder (~> 3.1)
      erubi (~> 1.4)
      rails-dom-testing (~> 2.0)
      rails-html-sanitizer (~> 1.0, >= 1.0.3)
    active_scaffold (3.5.2)
      ice_nine (~> 0.11)
      rails (>= 4.0.5)
    active_scheduler (0.5.0)
      activejob (>= 4.2.0)
      rake
    activejob (5.2.4.3)
      activesupport (= 5.2.4.3)
      globalid (>= 0.3.6)
    activemodel (5.2.4.3)
      activesupport (= 5.2.4.3)
    activerecord (5.2.4.3)
      activemodel (= 5.2.4.3)
      activesupport (= 5.2.4.3)
      arel (>= 9.0)
    activerecord-validate_unique_child_attribute (0.0.1)
      activemodel (>= 3.2.0)
      activerecord (>= 3.2.0)
      activesupport (>= 3.2.0)
    activestorage (5.2.4.3)
      actionpack (= 5.2.4.3)
      activerecord (= 5.2.4.3)
      marcel (~> 0.3.1)
    activesupport (5.2.4.3)
      concurrent-ruby (~> 1.0, >= 1.0.2)
      i18n (>= 0.7, < 2)
      minitest (~> 5.1)
      tzinfo (~> 1.1)
    addressable (2.5.2)
      public_suffix (>= 2.0.2, < 4.0)
    aes_key_wrap (1.0.1)
    after_commit_action (1.1.0)
      activerecord (>= 3.0.0)
      activesupport (>= 3.0.0)
    airbrake (7.1.1)
      airbrake-ruby (~> 2.5)
    airbrake-ruby (2.12.0)
    american_date (1.1.1)
    arel (9.0.0)
    ast (2.4.0)
    authlogic (3.8.0)
      activerecord (>= 3.2, < 5.3)
      activesupport (>= 3.2, < 5.3)
      request_store (~> 1.0)
      scrypt (>= 1.2, < 4.0)
    awesome_print (1.8.0)
    aws-eventstream (1.0.3)
    aws-sdk (2.11.293)
      aws-sdk-resources (= 2.11.293)
    aws-sdk-core (2.11.293)
      aws-sigv4 (~> 1.0)
      jmespath (~> 1.0)
    aws-sdk-resources (2.11.293)
      aws-sdk-core (= 2.11.293)
    aws-sigv4 (1.1.0)
      aws-eventstream (~> 1.0, >= 1.0.2)
    axiom-types (0.1.1)
      descendants_tracker (~> 0.0.4)
      ice_nine (~> 0.11.0)
      thread_safe (~> 0.3, >= 0.3.1)
    backports (3.15.0)
    bcrypt (3.1.13)
    bcrypt-ruby (3.1.5)
      bcrypt (>= 3.1.3)
    bindata (2.4.4)
    binding_of_caller (0.8.0)
      debug_inspector (>= 0.0.1)
    buftok (0.2.0)
    builder (3.2.4)
    byebug (11.0.1)
    capybara (2.18.0)
      addressable
      mini_mime (>= 0.1.3)
      nokogiri (>= 1.3.3)
      rack (>= 1.0.0)
      rack-test (>= 0.5.4)
      xpath (>= 2.0, < 4.0)
    capybara-screenshot (1.0.23)
      capybara (>= 1.0, < 4)
      launchy
    chunky_png (1.3.11)
    cld3 (3.2.4)
      ffi (>= 1.1.0, < 1.11.0)
    climate_control (0.2.0)
    cliver (0.3.2)
    cocaine (0.5.8)
      climate_control (>= 0.0.3, < 1.0)
    coderay (1.1.2)
    coercible (1.0.0)
      descendants_tracker (~> 0.0.1)
    coffee-rails (4.2.2)
      coffee-script (>= 2.2.0)
      railties (>= 4.0.0)
    coffee-script (2.4.1)
      coffee-script-source
      execjs
    coffee-script-source (1.12.2)
    colorize (0.8.1)
    commonjs (0.2.7)
    compass (1.0.3)
      chunky_png (~> 1.2)
      compass-core (~> 1.0.2)
      compass-import-once (~> 1.0.5)
      rb-fsevent (>= 0.9.3)
      rb-inotify (>= 0.9)
      sass (>= 3.3.13, < 3.5)
    compass-blueprint (1.0.0)
      compass
    compass-core (1.0.3)
      multi_json (~> 1.0)
      sass (>= 3.3.0, < 3.5)
    compass-import-once (1.0.5)
      sass (>= 3.2, < 3.5)
    compass-rails (3.1.0)
      compass (~> 1.0.0)
      sass-rails (< 5.1)
      sprockets (< 4.0)
    concurrent-ruby (1.1.6)
    cookiejar (0.3.3)
    counter_culture (2.3.0)
      activerecord (>= 4.2)
      activesupport (>= 4.2)
      after_commit_action (~> 1.0)
    crack (0.4.3)
      safe_yaml (~> 1.0.0)
    crass (1.0.6)
    cucumber (3.1.2)
      builder (>= 2.1.2)
      cucumber-core (~> 3.2.0)
      cucumber-expressions (~> 6.0.1)
      cucumber-wire (~> 0.0.1)
      diff-lcs (~> 1.3)
      gherkin (~> 5.1.0)
      multi_json (>= 1.7.5, < 2.0)
      multi_test (>= 0.1.2)
    cucumber-core (3.2.1)
      backports (>= 3.8.0)
      cucumber-tag_expressions (~> 1.1.0)
      gherkin (~> 5.0)
    cucumber-expressions (6.0.1)
    cucumber-rails (2.0.0)
      capybara (>= 2.12, < 4)
      cucumber (>= 3.0.2, < 4)
      mime-types (>= 2.0, < 4)
      nokogiri (~> 1.8)
      railties (>= 4.2, < 7)
    cucumber-tag_expressions (1.1.1)
    cucumber-wire (0.0.1)
    curb (0.9.10)
    daemons (1.3.1)
    database_cleaner (1.7.0)
    debug_inspector (0.0.3)
    declarative (0.0.10)
    declarative-option (0.1.0)
    descendants_tracker (0.0.4)
      thread_safe (~> 0.3, >= 0.3.1)
    diff-lcs (1.3)
    docile (1.1.5)
    dogstatsd-ruby (3.2.0)
    domain_name (0.5.20180417)
      unf (>= 0.0.5, < 1.0.0)
    dry-configurable (0.11.5)
      concurrent-ruby (~> 1.0)
      dry-core (~> 0.4, >= 0.4.7)
      dry-equalizer (~> 0.2)
    dry-container (0.7.2)
      concurrent-ruby (~> 1.0)
      dry-configurable (~> 0.1, >= 0.1.3)
    dry-core (0.4.9)
      concurrent-ruby (~> 1.0)
    dry-equalizer (0.3.0)
    dry-inflector (0.2.0)
    dry-logic (1.0.6)
      concurrent-ruby (~> 1.0)
      dry-core (~> 0.2)
      dry-equalizer (~> 0.2)
    dry-types (1.4.0)
      concurrent-ruby (~> 1.0)
      dry-container (~> 0.3)
      dry-core (~> 0.4, >= 0.4.4)
      dry-equalizer (~> 0.3)
      dry-inflector (~> 0.1, >= 0.1.2)
      dry-logic (~> 1.0, >= 1.0.2)
    elasticsearch (7.4.0)
      elasticsearch-api (= 7.4.0)
      elasticsearch-transport (= 7.4.0)
    elasticsearch-api (7.4.0)
      multi_json
    elasticsearch-transport (7.4.0)
      faraday
      multi_json
    elasticsearch-xpack (7.4.0)
      elasticsearch-api (>= 6)
    em-http-request (1.1.5)
      addressable (>= 2.3.4)
      cookiejar (!= 0.3.1)
      em-socksify (>= 0.3)
      eventmachine (>= 1.0.3)
      http_parser.rb (>= 0.6.0)
    em-socksify (0.3.2)
      eventmachine (>= 1.0.0.beta.4)
    em-twitter (0.3.5)
      buftok (~> 0.2)
      eventmachine (~> 1.0)
      http_parser.rb (~> 0.6)
      simple_oauth (~> 0.2)
    email_spec (2.1.2)
      htmlentities (~> 4.3.3)
      launchy (~> 2.1)
      mail (~> 2.7)
    equalizer (0.0.10)
    erubi (1.9.0)
    et-orbi (1.2.1)
      tzinfo
    ethon (0.12.0)
      ffi (>= 1.3.0)
    eventmachine (1.2.7)
    execjs (2.7.0)
    faker (1.9.3)
      i18n (>= 0.7)
    faraday (0.9.2)
      multipart-post (>= 1.2, < 3)
    faraday_middleware (0.12.2)
      faraday (>= 0.7.4, < 1.0)
    federal_register (0.6.9)
      httparty (>= 0.14.0)
    ffi (1.10.0)
    ffi-compiler (1.0.1)
      ffi (>= 1.0.0)
      rake
    flickraw (0.9.10)
    font-awesome-rails (4.7.0.5)
      railties (>= 3.2, < 6.1)
    fugit (1.2.1)
      et-orbi (~> 1.1, >= 1.1.8)
      raabro (~> 1.1)
    geoip (1.6.4)
    gherkin (5.1.0)
    github-markdown (0.6.9)
    globalid (0.4.2)
      activesupport (>= 4.2.0)
    google-api-client (0.19.8)
      addressable (~> 2.5, >= 2.5.1)
      googleauth (>= 0.5, < 0.7.0)
      httpclient (>= 2.8.1, < 3.0)
      mime-types (~> 3.0)
      representable (~> 3.0)
      retriable (>= 2.0, < 4.0)
    googleauth (0.5.1)
      faraday (~> 0.9)
      jwt (~> 1.4)
      logging (~> 2.0)
      memoist (~> 0.12)
      multi_json (~> 1.11)
      os (~> 0.9)
      signet (~> 0.7)
    googlecharts (1.6.12)
    grape (1.3.2)
      activesupport
      builder
      dry-types (>= 1.1)
      mustermann-grape (~> 1.0.0)
      rack (>= 1.3.0)
      rack-accept
    grape-entity (0.6.1)
      activesupport (>= 5.0.0)
      multi_json (>= 1.3.2)
    haml (5.0.4)
      temple (>= 0.8.0)
      tilt
    hashdiff (0.4.0)
    hashie (3.3.2)
    highline (2.0.2)
    html_truncator (0.4.2)
      nokogiri (~> 1.5)
    htmlentities (4.3.4)
    http (1.0.4)
      addressable (~> 2.3)
      http-cookie (~> 1.0)
      http-form_data (~> 1.0.1)
      http_parser.rb (~> 0.6.0)
    http-cookie (1.0.3)
      domain_name (~> 0.5)
    http-form_data (1.0.3)
    http_parser.rb (0.6.0)
    httparty (0.17.0)
      mime-types (~> 3.0)
      multi_xml (>= 0.5.2)
    httpclient (2.8.3)
    i18n (0.9.5)
      concurrent-ruby (~> 1.0)
    i18n-tasks (0.9.29)
      activesupport (>= 4.0.2)
      ast (>= 2.1.0)
      erubi
      highline (>= 2.0.0)
      i18n
      parser (>= 2.2.3.0)
      rails-i18n
      rainbow (>= 2.2.2, < 4.0)
      terminal-table (>= 1.5.1)
    ice_nine (0.11.2)
    iso8601 (0.10.1)
    jaro_winkler (1.5.2)
    jbuilder (2.6.4)
      activesupport (>= 3.0.0)
      multi_json (>= 1.2)
    jmespath (1.4.0)
    jquery-rails (4.3.5)
      rails-dom-testing (>= 1, < 3)
      railties (>= 4.2.0)
      thor (>= 0.14, < 2.0)
    jquery-ui-rails (6.0.1)
      railties (>= 3.2.16)
    json (1.8.6)
    json-jwt (1.11.0)
      activesupport (>= 4.2)
      aes_key_wrap
      bindata
    jwt (1.5.6)
    launchy (2.4.3)
      addressable (~> 2.3)
    less (2.6.0)
      commonjs (~> 0.2.7)
    less-rails (4.0.0)
      actionpack (>= 4)
      less (~> 2.6.0)
      sprockets (>= 2)
    libv8 (3.16.14.19)
    listen (3.1.5)
      rb-fsevent (~> 0.9, >= 0.9.4)
      rb-inotify (~> 0.9, >= 0.9.7)
      ruby_dep (~> 1.2)
    little-plugger (1.1.4)
    logging (2.2.2)
      little-plugger (~> 1.1)
      multi_json (~> 1.10)
    loofah (2.3.1)
      crass (~> 1.0.2)
      nokogiri (>= 1.5.9)
    mail (2.7.1)
      mini_mime (>= 0.1.1)
    marcel (0.3.3)
      mimemagic (~> 0.3.2)
    memoist (0.16.0)
    memoizable (0.4.2)
      thread_safe (~> 0.3, >= 0.3.1)
    method_source (0.9.2)
    mime-types (3.3)
      mime-types-data (~> 3.2015)
    mime-types-data (3.2019.1009)
    mimemagic (0.3.5)
    mini_mime (1.0.2)
    mini_portile2 (2.4.0)
    minitest (5.14.1)
    mobile-fu (1.4.0)
      rack-mobile-detect
      rails
    mono_logger (1.1.0)
    mry (0.59.0.0)
      rubocop (>= 0.41.0)
    multi_json (1.14.1)
    multi_test (0.1.2)
    multi_xml (0.6.0)
    multipart-post (2.1.1)
    mustermann (1.1.1)
      ruby2_keywords (~> 0.0.1)
    mustermann-grape (1.0.1)
      mustermann (>= 1.0.0)
    mysql2 (0.4.10)
    naught (1.1.0)
    net-http-persistent (2.9.4)
    newrelic_rpm (5.0.0.342)
    nio4r (2.5.2)
    nokogiri (1.10.9)
      mini_portile2 (~> 2.4.0)
    nokogumbo (1.5.0)
      nokogiri
    oj (3.3.10)
    omniauth (1.4.3)
      hashie (>= 1.2, < 4)
      rack (>= 1.6.2, < 3)
    omniauth-rails_csrf_protection (0.1.2)
      actionpack (>= 4.2)
      omniauth (>= 1.3.1)
    open_uri_redirections (0.2.1)
    os (0.9.6)
    paperclip (5.2.1)
      activemodel (>= 4.2.0)
      activesupport (>= 4.2.0)
      cocaine (~> 0.5.5)
      mime-types
      mimemagic (~> 0.3.0)
    parallel (1.17.0)
    parser (2.6.3.0)
      ast (~> 2.4.0)
    poltergeist (1.18.1)
      capybara (>= 2.1, < 4)
      cliver (~> 0.3.1)
      websocket-driver (>= 0.2.0)
    power_assert (1.1.4)
    powerpack (0.1.2)
    pry (0.12.2)
      coderay (~> 1.1.0)
      method_source (~> 0.9.0)
    pry-byebug (3.7.0)
      byebug (~> 11.0)
      pry (~> 0.10)
    pry-rails (0.3.9)
      pry (>= 0.10.4)
    public_suffix (3.1.1)
    puma (3.12.4)
    raabro (1.1.6)
    rack (2.2.2)
    rack-accept (0.4.5)
      rack (>= 0.4)
    rack-contrib (2.1.0)
      rack (~> 2.0)
    rack-cors (1.1.0)
      rack (>= 2.0.0)
    rack-mobile-detect (0.4.0)
      rack
    rack-protection (2.0.5)
      rack
    rack-test (1.1.0)
      rack (>= 1.0, < 3)
    rails (5.2.4.3)
      actioncable (= 5.2.4.3)
      actionmailer (= 5.2.4.3)
      actionpack (= 5.2.4.3)
      actionview (= 5.2.4.3)
      activejob (= 5.2.4.3)
      activemodel (= 5.2.4.3)
      activerecord (= 5.2.4.3)
      activestorage (= 5.2.4.3)
      activesupport (= 5.2.4.3)
      bundler (>= 1.3.0)
      railties (= 5.2.4.3)
      sprockets-rails (>= 2.0.0)
    rails-controller-testing (1.0.4)
      actionpack (>= 5.0.1.x)
      actionview (>= 5.0.1.x)
      activesupport (>= 5.0.1.x)
    rails-dom-testing (2.0.3)
      activesupport (>= 4.2.0)
      nokogiri (>= 1.6)
    rails-html-sanitizer (1.3.0)
      loofah (~> 2.3)
    rails-i18n (5.1.3)
      i18n (>= 0.7, < 2)
      railties (>= 5.0, < 6)
    rails-observers (0.1.5)
      activemodel (>= 4.0)
    railties (5.2.4.3)
      actionpack (= 5.2.4.3)
      activesupport (= 5.2.4.3)
      method_source
      rake (>= 0.8.7)
      thor (>= 0.19.0, < 2.0)
    rainbow (3.0.0)
    rake (12.3.3)
    rb-fsevent (0.10.3)
    rb-inotify (0.10.0)
      ffi (~> 1.0)
    recaptcha (4.6.6)
      json
    redis (4.0.3)
    redis-actionpack (5.0.2)
      actionpack (>= 4.0, < 6)
      redis-rack (>= 1, < 3)
      redis-store (>= 1.1.0, < 2)
    redis-activesupport (5.0.7)
      activesupport (>= 3, < 6)
      redis-store (>= 1.3, < 2)
    redis-namespace (1.6.0)
      redis (>= 3.0.4)
    redis-rack (2.0.5)
      rack (>= 1.5, < 3)
      redis-store (>= 1.2, < 2)
    redis-rails (5.0.2)
      redis-actionpack (>= 5.0, < 6)
      redis-activesupport (>= 5.0, < 6)
      redis-store (>= 1.2, < 2)
    redis-store (1.6.0)
      redis (>= 2.2, < 5)
    ref (2.0.0)
    representable (3.0.4)
      declarative (< 0.1.0)
      declarative-option (< 0.2.0)
      uber (< 0.2.0)
    request_store (1.4.1)
      rack (>= 1.4)
    responders (2.4.1)
      actionpack (>= 4.2.0, < 6.0)
      railties (>= 4.2.0, < 6.0)
    resque (1.27.4)
      mono_logger (~> 1.0)
      multi_json (~> 1.0)
      redis-namespace (~> 1.3)
      sinatra (>= 0.9.2)
      vegas (~> 0.1.2)
    resque-lock-timeout (0.4.5)
      resque (~> 1.22)
    resque-scheduler (4.3.1)
      mono_logger (~> 1.0)
      redis (>= 3.3, < 5)
      resque (~> 1.26)
      rufus-scheduler (~> 3.2)
    resque-timeout (1.0.0)
      resque (~> 1.0)
    resque_spec (0.17.0)
      resque (>= 1.19.0)
      rspec-core (>= 3.0.0)
      rspec-expectations (>= 3.0.0)
      rspec-mocks (>= 3.0.0)
    retriable (3.1.2)
    retry_block (1.2.0)
    rspec-activemodel-mocks (1.0.3)
      activemodel (>= 3.0)
      activesupport (>= 3.0)
      rspec-mocks (>= 2.99, < 4.0)
    rspec-core (3.8.0)
      rspec-support (~> 3.8.0)
    rspec-expectations (3.8.4)
      diff-lcs (>= 1.2.0, < 2.0)
      rspec-support (~> 3.8.0)
    rspec-its (1.2.0)
      rspec-core (>= 3.0.0)
      rspec-expectations (>= 3.0.0)
    rspec-json_expectations (2.1.0)
    rspec-mocks (3.8.1)
      diff-lcs (>= 1.2.0, < 2.0)
      rspec-support (~> 3.8.0)
    rspec-rails (3.8.2)
      actionpack (>= 3.0)
      activesupport (>= 3.0)
      railties (>= 3.0)
      rspec-core (~> 3.8.0)
      rspec-expectations (~> 3.8.0)
      rspec-mocks (~> 3.8.0)
      rspec-support (~> 3.8.0)
    rspec-support (3.8.2)
    rspec_junit_formatter (0.3.0)
      rspec-core (>= 2, < 4, != 2.12.0)
    rubocop (0.60.0)
      jaro_winkler (~> 1.5.1)
      parallel (~> 1.10)
      parser (>= 2.5, != 2.5.1.1)
      powerpack (~> 0.1)
      rainbow (>= 2.2.2, < 4.0)
      ruby-progressbar (~> 1.7)
      unicode-display_width (~> 1.4.0)
    ruby-progressbar (1.10.1)
    ruby2_keywords (0.0.2)
    ruby_dep (1.5.0)
    rufus-scheduler (3.6.0)
      fugit (~> 1.1, >= 1.1.6)
    safe_yaml (1.0.5)
    sanitize (4.6.6)
      crass (~> 1.0.2)
      nokogiri (>= 1.4.4)
      nokogumbo (~> 1.4)
    sass (3.3.14)
    sass-rails (5.0.7)
      railties (>= 4.0.0, < 6)
      sass (~> 3.1)
      sprockets (>= 2.8, < 4.0)
      sprockets-rails (>= 2.0, < 4.0)
      tilt (>= 1.1, < 3)
    scrypt (3.0.7)
      ffi-compiler (>= 1.0, < 2.0)
    select2-rails (4.0.3)
      thor (~> 0.14)
    shoulda-kept-assign-to (1.1.0)
      shoulda-matchers (>= 2.1.0)
    shoulda-matchers (4.1.2)
      activesupport (>= 4.2.0)
    signet (0.11.0)
      addressable (~> 2.3)
      faraday (~> 0.9)
      jwt (>= 1.5, < 3.0)
      multi_json (~> 1.10)
    simple_oauth (0.3.1)
    simplecov (0.15.1)
      docile (~> 1.1.0)
      json (>= 1.8, < 3)
      simplecov-html (~> 0.10.0)
    simplecov-html (0.10.2)
    sinatra (2.0.5)
      mustermann (~> 1.0)
      rack (~> 2.0)
      rack-protection (= 2.0.5)
      tilt (~> 2.0)
    sitemaps_parser (0.2.3)
      activesupport (>= 4, < 7)
    spring (2.0.2)
      activesupport (>= 4.2)
    sprockets (3.7.2)
      concurrent-ruby (~> 1.0)
      rack (> 1, < 3)
    sprockets-rails (3.2.1)
      actionpack (>= 4.0)
      activesupport (>= 4.0)
      sprockets (>= 3.0.0)
    temple (0.8.1)
    terminal-table (1.8.0)
      unicode-display_width (~> 1.1, >= 1.1.1)
    test-unit (3.2.9)
      power_assert
    therubyracer (0.12.3)
      libv8 (~> 3.16.14.15)
      ref
    thor (0.20.3)
    thread_safe (0.3.6)
    tilt (2.0.10)
    truncator (0.1.7)
      activesupport
    turbolinks (5.0.1)
      turbolinks-source (~> 5)
    turbolinks-source (5.2.0)
    tweetstream (2.6.1)
      daemons (~> 1.1)
      em-http-request (>= 1.1.1)
      em-twitter (~> 0.3)
      multi_json (~> 1.3)
      twitter (~> 5.5)
    twitter (5.17.0)
      addressable (~> 2.3)
      buftok (~> 0.2.0)
      equalizer (= 0.0.10)
      faraday (~> 0.9.0)
      http (~> 1.0)
      http_parser.rb (~> 0.6.0)
      json (~> 1.8)
      memoizable (~> 0.4.0)
      naught (~> 1.0)
      simple_oauth (~> 0.3.0)
    twitter-typeahead-rails (0.11.1)
      actionpack (>= 3.1)
      jquery-rails
      railties (>= 3.1)
    typhoeus (1.3.1)
      ethon (>= 0.9.0)
    tzinfo (1.2.7)
      thread_safe (~> 0.1)
    uber (0.1.0)
    uglifier (4.1.20)
      execjs (>= 0.3.0, < 3)
    unf (0.1.4)
      unf_ext
    unf_ext (0.0.7.6)
    unicode-display_width (1.4.1)
    us_states (0.1.1)
    validate_url (0.2.0)
      activemodel (>= 3.0.0)
    vcr (4.0.0)
    vegas (0.1.11)
      rack (>= 1.0.0)
    virtus (1.0.5)
      axiom-types (~> 0.1)
      coercible (~> 1.0)
      descendants_tracker (~> 0.0, >= 0.0.3)
      equalizer (~> 0.0, >= 0.0.9)
    web-console (2.3.0)
      activemodel (>= 4.0)
      binding_of_caller (>= 0.7.2)
      railties (>= 4.0)
      sprockets-rails (>= 2.0, < 4.0)
    webmock (3.1.1)
      addressable (>= 2.3.6)
      crack (>= 0.3.2)
      hashdiff
    websocket-driver (0.7.2)
      websocket-extensions (>= 0.1.0)
    websocket-extensions (0.1.4)
    will_paginate (3.1.7)
    will_paginate-bootstrap (1.0.2)
      will_paginate (>= 3.0.3)
    xpath (3.2.0)
      nokogiri (~> 1.8)
    yajl-ruby (1.3.1)
    yui-compressor (0.12.0)

PLATFORMS
  ruby

DEPENDENCIES
  aasm (~> 4.12)
  active_scaffold (~> 3.5.0)
  active_scaffold_export!
  active_scheduler (~> 0.5.0)
  activerecord-validate_unique_child_attribute
  addressable (~> 2.5.2)
  airbrake (~> 7.1.1)
  american_date (~> 1.1.1)
  authlogic (~> 3.8.0)
  awesome_print
  aws-sdk (< 3.0)
  bcrypt-ruby (~> 3.1.5)
  capybara (~> 2.18.0)
  capybara-screenshot
  cld3 (~> 3.2.3)
  cocaine (~> 0.5.8)
  coffee-rails (~> 4.2.2)
  colorize (~> 0.8.1)
  compass-blueprint (~> 1.0.0)
  compass-rails (~> 3.1.0)
  counter_culture (~> 2.3.0)
  cucumber-rails (~> 2.0)
  curb (~> 0.9.4)
  database_cleaner (~> 1.7.0)
  dogstatsd-ruby (~> 3.2.0)
  elasticsearch (~> 7.4.0)
  elasticsearch-xpack (~> 7.4.0)
  em-http-request (~> 1.1.5)
  email_spec (~> 2.1.1)
  faker (~> 1.8)
  faraday_middleware (~> 0.12.2)
  federal_register (~> 0.6.3)
  flickraw (~> 0.9.9)
  font-awesome-grunticon-rails!
  font-awesome-rails (~> 4.7.0)
  geoip (~> 1.6.3)
  github-markdown (~> 0.6.9)
  google-api-client (~> 0.19.1)
  google_visualr!
  googlecharts (~> 1.6.12)
  grape (~> 1.1)
  grape-entity (~> 0.6.0)
  haml (~> 5.0.4)
  hashie (~> 3.3.0)
  html_truncator (~> 0.4.2)
  htmlentities (~> 4.3.4)
  http (~> 1.0)
  i18n-tasks (~> 0.9.19)
  iso8601 (~> 0.10.1)
  jbuilder (~> 2.6.4)
  jquery-rails (~> 4.3.5)
  jquery-ui-rails (~> 6.0.1)
  json (~> 1.8.6)
  jwt (~> 1.5.6)
  launchy (~> 2.4.3)
  less-rails-bootstrap!
  listen (~> 3.1.5)
  loofah (~> 2.3.1)
  medusa!
  mobile-fu (~> 1.4.0)
  mry (= 0.59.0.0)
  mysql2 (~> 0.4.4)
  net-http-persistent (~> 2.9.3)
  newrelic_rpm (~> 5.0.0)
  nokogiri (~> 1.10.8)
  oj (~> 3.3.10)
  omniauth-rails_csrf_protection (~> 0.1.2)
  omniauth_login_dot_gov!
  paperclip (~> 5.2.0)
  poltergeist (~> 1.18.1)
  pry-byebug (~> 3.5)
  pry-rails (~> 0.3.6)
  puma (~> 3.12)
  rack-contrib (~> 2.1.0)
  rack-cors (~> 1.1.0)
  rails (~> 5.2.0)
  rails-controller-testing (~> 1.0.4)
  rails-observers (~> 0.1.5)
  rake (~> 12.3.2)
  rash_alt!
  recaptcha (~> 4.6.3)
  redis (~> 4.0.1)
  redis-namespace (~> 1.6.0)
  redis-rails (~> 5.0.2)
  responders (~> 2.0)
  resque (~> 1.27.4)
  resque-lock-timeout (~> 0.4.5)
  resque-priority!
  resque-scheduler (~> 4.3.1)
  resque-timeout (~> 1.0.0)
  resque_spec (~> 0.17.0)
  retriable (~> 3.1)
  retry_block (~> 1.2.0)
  robotex!
  robots_tag_parser (~> 0.1.0)!
  rspec-activemodel-mocks (~> 1.0.3)
  rspec-its (~> 1.2.0)
  rspec-json_expectations (~> 2.1.0)
  rspec-rails (~> 3.8.2)
  rspec_junit_formatter (~> 0.3.0)
  rubocop (= 0.60.0)
  sanitize (~> 4.6.4)
  sass (~> 3.3.0)
  sass-rails (~> 5.0.7)
  select2-rails (~> 4.0.3)
  shoulda-kept-assign-to (~> 1.1.0)
  shoulda-matchers (~> 4.1.1)
  simplecov (~> 0.15.1)
  sitelink_generator!
  sitemaps_parser (~> 0.2)
  spring (~> 2.0)
  test-unit (~> 3.2.7)
  therubyracer (~> 0.12.3)
  truncator (~> 0.1.7)
  turbolinks (~> 5.0.1)
  tweetstream (~> 2.6.1)
  twitter (~> 5.5)
  twitter-typeahead-rails (~> 0.11.1)
  typhoeus (~> 1.3.0)
  uglifier (~> 4.1.2)
  us_states (~> 0.1.1)
  us_states_select (~> 1.2.0)!
  validate_url (= 0.2.0)
  vcr (~> 4.0)
  virtus (~> 1.0.5)
  web-console (~> 2.0)
  webmock (~> 3.1.1)
  will_paginate (~> 3.1.6)
  will_paginate-bootstrap (~> 1.0.1)
  yajl-ruby (~> 1.3.1)
  yui-compressor (~> 0.12.0)

BUNDLED WITH
   1.17.3
